GEM
  remote: https://rubygems.org/
  specs:
    coderay (1.1.0)
    json (1.8.1)
    method_source (0.8.2)
    pry (0.10.0)
      coderay (~> 1.1.0)
      method_source (~> 0.8.1)
      slop (~> 3.4)
    pry-theme (1.1.3)
      coderay (~> 1.1)
      json (~> 1.8)
    slop (3.6.0)

PLATFORMS
  ruby

DEPENDENCIES
  pry
  pry-theme
